GEM
  remote: https://rubygems.org/
  specs:
    diff-lcs (1.2.5)
    rspec (3.5.0)
      rspec-core (~> 3.5.0)
      rspec-expectations (~> 3.5.0)
      rspec-mocks (~> 3.5.0)
    rspec-core (3.5.4)
      rspec-support (~> 3.5.0)
    rspec-expectations (3.5.0)
      diff-lcs (>= 1.2.0, < 2.0)
      rspec-support (~> 3.5.0)
    rspec-mocks (3.5.0)
      diff-lcs (>= 1.2.0, < 2.0)
      rspec-support (~> 3.5.0)
    rspec-support (3.5.0)

PLATFORMS
  ruby

DEPENDENCIES
  rspec

<<<<<<< HEAD
=======
RUBY VERSION
   ruby 2.3.0p0

<<<<<<< HEAD
>>>>>>> c4f4c5d2e20e9beefbc6d8252e91a472ad370c39
=======
>>>>>>> ebc9743485e5dd2a4a0ea54f571c41eb846744c1
>>>>>>> 5bed250c8ace08f18ab30212d618398f9149ba1f
BUNDLED WITH
   1.13.6
